PATH
  remote: .
  specs:
    qdrant-ruby (0.9.7)
      faraday (>= 2.0.1, < 3)

GEM
  remote: https://rubygems.org/
  specs:
    ast (2.4.2)
    byebug (11.1.3)
    coderay (1.1.3)
    diff-lcs (1.5.0)
    faraday (2.7.10)
      faraday-net_http (>= 2.0, < 3.1)
      ruby2_keywords (>= 0.0.4)
    faraday-net_http (3.0.2)
    json (2.6.3)
    language_server-protocol (3.17.0.3)
    method_source (1.0.0)
    parallel (1.22.1)
    parser (3.2.1.1)
      ast (~> 2.4.1)
    pry (0.14.2)
      coderay (~> 1.1)
      method_source (~> 1.0)
    pry-byebug (3.10.1)
      byebug (~> 11.0)
      pry (>= 0.13, < 0.15)
    rainbow (3.1.1)
    rake (13.0.6)
    regexp_parser (2.7.0)
    rexml (3.3.6)
      strscan
    rspec (3.11.0)
      rspec-core (~> 3.11.0)
      rspec-expectations (~> 3.11.0)
      rspec-mocks (~> 3.11.0)
    rspec-core (3.11.0)
      rspec-support (~> 3.11.0)
    rspec-expectations (3.11.0)
      diff-lcs (>= 1.2.0, < 2.0)
      rspec-support (~> 3.11.0)
    rspec-mocks (3.11.1)
      diff-lcs (>= 1.2.0, < 2.0)
      rspec-support (~> 3.11.0)
    rspec-support (3.11.0)
    rubocop (1.48.1)
      json (~> 2.3)
      parallel (~> 1.10)
      parser (>= 3.2.0.0)
      rainbow (>= 2.2.2, < 4.0)
      regexp_parser (>= 1.8, < 3.0)
      rexml (>= 3.2.5, < 4.0)
      rubocop-ast (>= 1.26.0, < 2.0)
      ruby-progressbar (~> 1.7)
      unicode-display_width (>= 2.4.0, < 3.0)
    rubocop-ast (1.28.0)
      parser (>= 3.2.1.0)
    rubocop-performance (1.16.0)
      rubocop (>= 1.7.0, < 2.0)
      rubocop-ast (>= 0.4.0)
    ruby-progressbar (1.13.0)
    ruby2_keywords (0.0.5)
    standard (1.25.3)
      language_server-protocol (~> 3.17.0.2)
      rubocop (~> 1.48.1)
      rubocop-performance (~> 1.16.0)
    strscan (3.1.0)
    unicode-display_width (2.4.2)

PLATFORMS
  arm64-darwin-23
  x86_64-darwin-19
  x86_64-darwin-21
  x86_64-linux

DEPENDENCIES
  pry-byebug (~> 3.9)
  qdrant-ruby!
  rake (~> 13.0)
  rspec (~> 3.0)
  standard (~> 1.25.0)

BUNDLED WITH
   2.4.0
